GIT
  remote: git://github.com/travis-ci/travis-build.git
  revision: 423a7d16149abb12f20b902bf5dd5df3550b7b21
  specs:
    travis-build (0.0.1)

GEM
  specs:
    active_support (3.0.0)
      activesupport (= 3.0.0)
    activesupport (3.0.0)
    addressable (2.3.5)
    diff-lcs (1.2.5)
    march_hare (2.0.0-java)
    multi_json (1.8.2)
    rspec (2.14.1)
      rspec-core (~> 2.14.0)
      rspec-expectations (~> 2.14.0)
      rspec-mocks (~> 2.14.0)
    rspec-core (2.14.7)
    rspec-expectations (2.14.4)
      diff-lcs (>= 1.1.3, < 2.0)
    rspec-mocks (2.14.4)

PLATFORMS
  java
  ruby

DEPENDENCIES
  active_support
  addressable
  march_hare
  multi_json
  rspec
  travis-build!
